{
	"Modality": "MR",
	"MagneticFieldStrength": 3,
	"ImagingFrequency": 123.249764,
	"Manufacturer": "Siemens",
	"ManufacturersModelName": "Prisma",
	"InstitutionName": "USC Stevens Hall Institute",
	"DeviceSerialNumber": "4XwZ0hY1Y7m_",
	"BodyPartExamined": "BRAIN",
	"PatientPosition": "HFS",
	"SoftwareVersions": "syngo MR E11",
	"MRAcquisitionType": "2D",
	"SeriesDescription": "Axial rsfMRI (Eyes Open)",
	"ProtocolName": "Axial rsfMRI (Eyes Open)",
	"ScanningSequence": "EP",
	"SequenceVariant": "SK",
	"ScanOptions": "FS",
	"SequenceName": "*epfid2d1_64",
	"ImageType": ["ORIGINAL", "PRIMARY", "M", "ND", "MOSAIC"],
	"NonlinearGradientCorrection": false,
	"SeriesNumber": 11,
	"AcquisitionTime": "12:18:18.702500",
	"AcquisitionNumber": 1,
	"SliceThickness": 3.4,
	"SpacingBetweenSlices": 3.4,
	"SAR": 0.101336,
	"EchoTime": 0.03,
	"RepetitionTime": 3,
	"FlipAngle": 90,
	"PartialFourier": 1,
	"BaseResolution": 64,
	"ShimSetting": [
		1013,
		-4393,
		-11281,
		246,
		-47,
		-224,
		144,
		15	],
	"TxRefAmp": 244.921,
	"PhaseResolution": 1,
	"ReceiveCoilName": "Head_32",
	"ReceiveCoilActiveElements": "HEA;HEP",
	"PulseSequenceDetails": "%SiemensSeq%\\ep2d_pace",
	"RefLinesPE": 24,
	"CoilCombinationMethod": "Sum of Squares",
	"ConsistencyInfo": "N4_VE11C_LATEST_20160120",
	"MatrixCoilMode": "GRAPPA",
	"PercentPhaseFOV": 100,
	"PercentSampling": 100,
	"EchoTrainLength": 31,
	"PhaseEncodingSteps": 63,
	"AcquisitionMatrixPE": 64,
	"ReconMatrixPE": 64,
	"BandwidthPerPixelPhaseEncode": 43.403,
	"ParallelReductionFactorInPlane": 2,
	"EffectiveEchoSpacing": 0.000359998,
	"DerivedVendorReportedEchoSpacing": 0.000719996,
	"TotalReadoutTime": 0.0226799,
	"PixelBandwidth": 1565,
	"DwellTime": 5e-06,
	"PhaseEncodingDirection": "j-",
	"SliceTiming": [
		1.49,
		0,
		1.5525,
		0.0625,
		1.615,
		0.125,
		1.6775,
		0.1875,
		1.74,
		0.25,
		1.8,
		0.3125,
		1.8625,
		0.3725,
		1.925,
		0.435,
		1.9875,
		0.4975,
		2.05,
		0.56,
		2.1125,
		0.6225,
		2.1725,
		0.685,
		2.235,
		0.745,
		2.2975,
		0.8075,
		2.36,
		0.87,
		2.4225,
		0.9325,
		2.485,
		0.995,
		2.545,
		1.055,
		2.6075,
		1.1175,
		2.67,
		1.18,
		2.7325,
		1.2425,
		2.795,
		1.305,
		2.8575,
		1.3675,
		2.9175,
		1.4275	],
	"ImageOrientationPatientDICOM": [
		0.996195,
		0,
		-0.0871557,
		0,
		1,
		0	],
	"InPlanePhaseEncodingDirectionDICOM": "COL",
	"BidsGuess": ["func","_acq-epfid2_dir-AP_run-11_bold"],
	"ConversionSoftware": "dcm2niix",
	"ConversionSoftwareVersion": "v1.0.20240202"
}
